GEM
  remote: https://rubygems.org/
  specs:
    childprocess (4.1.0)
    concurrent-ruby (1.2.3)
    et-orbi (1.2.7)
      tzinfo
    fugit (1.9.0)
      et-orbi (~> 1, >= 1.2.7)
      raabro (~> 1.4)
    raabro (1.4.0)
    rexml (3.2.6)
    rubyzip (2.3.2)
    rufus-scheduler (3.9.1)
      fugit (~> 1.1, >= 1.1.6)
    selenium-webdriver (4.1.0)
      childprocess (>= 0.5, < 5.0)
      rexml (~> 3.2, >= 3.2.5)
      rubyzip (>= 1.2.2)
    tzinfo (2.0.6)
      concurrent-ruby (~> 1.0)

PLATFORMS
  ruby

DEPENDENCIES
  rufus-scheduler
  selenium-webdriver

BUNDLED WITH
   2.1.4
