GEM
  remote: https://rubygems.org/
  specs:
    activesupport (5.2.8.1)
      concurrent-ruby (~> 1.0, >= 1.0.2)
      i18n (>= 0.7, < 2)
      minitest (~> 5.1)
      tzinfo (~> 1.1)
    base64 (0.2.0)
    concurrent-ruby (1.2.3)
    faraday (2.8.1)
      base64
      faraday-net_http (>= 2.0, < 3.1)
      ruby2_keywords (>= 0.0.4)
    faraday-net_http (3.0.2)
    hashie (5.0.0)
    i18n (1.14.1)
      concurrent-ruby (~> 1.0)
    jwt (2.7.1)
    mini_portile2 (2.8.5)
    minitest (5.22.2)
    multi_xml (0.6.0)
    nokogiri (1.13.10)
      mini_portile2 (~> 2.8.0)
      racc (~> 1.4)
    oauth2 (2.0.9)
      faraday (>= 0.17.3, < 3.0)
      jwt (>= 1.0, < 3.0)
      multi_xml (~> 0.5)
      rack (>= 1.2, < 4)
      snaky_hash (~> 2.0)
      version_gem (~> 1.1)
    omniauth (2.1.2)
      hashie (>= 3.4.6)
      rack (>= 2.2.3)
      rack-protection
    omniauth-oauth2 (1.8.0)
      oauth2 (>= 1.4, < 3)
      omniauth (~> 2.0)
    psych (5.1.2)
      stringio
    racc (1.7.3)
    rack (3.0.9)
    rack-protection (3.0.6)
      rack
    rdoc (6.6.2)
      psych (>= 4.0.0)
    ruby2_keywords (0.0.5)
    snaky_hash (2.0.1)
      hashie
      version_gem (~> 1.1, >= 1.1.1)
    stringio (3.0.6)
    thread_safe (0.3.6)
    tzinfo (1.2.11)
      thread_safe (~> 0.1)
    version_gem (1.1.3)
    webrat (0.3.4)
      nokogiri (>= 1.1.0)

PLATFORMS
  ruby

DEPENDENCIES
  activesupport (~> 5.2, >= 5.2.7)
  omniauth
  omniauth-oauth2
  rdoc
  webrat (~> 0.3.0)

BUNDLED WITH
   2.1.4
